GEM
  remote: http://rubygems.org/
  specs:
    archive-zip (0.6.0)
      io-like (>= 0.3.0)
    backports (3.3.5)
    gqtp (1.0.5)
    groonga-client (0.0.4)
      gqtp (>= 1.0.4)
      groonga-command (>= 1.0.4)
    groonga-command (1.0.6)
      json
    io-like (0.3.0)
    json (1.8.1)
    mini_portile (0.5.2)
    multi_json (1.8.2)
    nokogiri (1.6.0)
      mini_portile (~> 0.5.0)
    pit (0.0.7)
    pkg-config (1.1.4)
    rack (1.5.2)
    rack-protection (1.5.1)
      rack
    rack-test (0.6.2)
      rack (>= 1.0)
    rroonga (3.1.0)
      archive-zip
      groonga-client (>= 0.0.3)
      json
      pkg-config
    sewell (0.1.3)
    sinatra (1.4.4)
      rack (~> 1.4)
      rack-protection (~> 1.4)
      tilt (~> 1.3, >= 1.3.4)
    sinatra-contrib (1.4.2)
      backports (>= 2.0)
      multi_json
      rack-protection
      rack-test
      sinatra (~> 1.4.0)
      tilt (~> 1.3)
    tilt (1.4.1)

PLATFORMS
  ruby

DEPENDENCIES
  json
  nokogiri
  pit
  rack
  rroonga
  sewell
  sinatra
  sinatra-contrib
